PATH
  remote: .
  specs:
    youtube_dlhelper (0.1.9.5)
      addressable (~> 2.3, >= 2.3.8)
      highline (~> 1.7, >= 1.7.3)
      notifier (~> 0.5, >= 0.5.1)
      parseconfig (~> 1.0, >= 1.0.6)
      rainbow (~> 2.0, >= 2.0.0)
      setup (~> 5.2, >= 5.2.0)
      streamio-ffmpeg (~> 1.0, >= 1.0.0)
      viddl-rb (~> 1.1, >= 1.1.1)

GEM
  remote: http://rubygems.org/
  specs:
    MannsShared (0.2.0)
      nokogiri (~> 1.6, >= 1.6.6.2)
    abstract_type (0.0.7)
    adamantium (0.2.0)
      ice_nine (~> 0.11.0)
      memoizable (~> 0.4.0)
    addressable (2.3.8)
    ast (2.1.0)
    astrolabe (1.3.1)
      parser (~> 2.2)
    concord (0.1.5)
      adamantium (~> 0.2.0)
      equalizer (~> 0.0.9)
    coveralls (0.8.2)
      json (~> 1.8)
      rest-client (>= 1.6.8, < 2)
      simplecov (~> 0.10.0)
      term-ansicolor (~> 1.3)
      thor (~> 0.19.1)
    diff-lcs (1.2.5)
    docile (1.1.5)
    domain_name (0.5.24)
      unf (>= 0.0.5, < 1.0.0)
    equalizer (0.0.11)
    gem-release (0.7.4)
    highline (1.7.3)
    http-cookie (1.0.2)
      domain_name (~> 0.5)
    ice_nine (0.11.1)
    indexer (0.3.1)
    json (1.8.3)
    mast (1.4.0)
    memoizable (0.4.2)
      thread_safe (~> 0.3, >= 0.3.1)
    mime-types (2.6.1)
    mini_portile (0.6.2)
    multi_json (1.10.1)
    netrc (0.10.3)
    nokogiri (1.6.6.2)
      mini_portile (~> 0.6.0)
    notifier (0.5.1)
    parseconfig (1.0.6)
    parser (2.2.2.6)
      ast (>= 1.1, < 3.0)
    powerpack (0.1.1)
    private_attr (1.1.0)
    procto (0.0.2)
    progressbar (0.21.0)
    rainbow (2.0.0)
    rake (10.4.2)
    rdoc (4.2.0)
    reek (3.3.1)
      parser (~> 2.2.2.5)
      private_attr (~> 1.1)
      rainbow (~> 2.0)
      unparser (~> 0.2.2)
    rest-client (1.8.0)
      http-cookie (>= 1.0.2, < 2.0)
      mime-types (>= 1.16, < 3.0)
      netrc (~> 0.7)
    rspec (3.3.0)
      rspec-core (~> 3.3.0)
      rspec-expectations (~> 3.3.0)
      rspec-mocks (~> 3.3.0)
    rspec-core (3.3.2)
      rspec-support (~> 3.3.0)
    rspec-expectations (3.3.1)
      diff-lcs (>= 1.2.0, < 2.0)
      rspec-support (~> 3.3.0)
    rspec-mocks (3.3.2)
      diff-lcs (>= 1.2.0, < 2.0)
      rspec-support (~> 3.3.0)
    rspec-support (3.3.0)
    rubocop (0.34.1)
      astrolabe (~> 1.3)
      parser (>= 2.2.2.5, < 3.0)
      powerpack (~> 0.1)
      rainbow (>= 1.99.1, < 3.0)
      ruby-progressbar (~> 1.4)
    ruby-lint (2.0.4)
      parser (~> 2.2)
      slop (~> 3.4, >= 3.4.7)
    ruby-progressbar (1.7.5)
    setup (5.2.0)
    simplecov (0.10.0)
      docile (~> 1.1.0)
      json (~> 1.8)
      simplecov-html (~> 0.10.0)
    simplecov-html (0.10.0)
    slop (3.6.0)
    streamio-ffmpeg (1.0.0)
    term-ansicolor (1.3.2)
      tins (~> 1.0)
    thor (0.19.1)
    thread_safe (0.3.5)
    tins (1.6.0)
    unf (0.1.4)
      unf_ext
    unf_ext (0.0.7.1)
    unparser (0.2.4)
      abstract_type (~> 0.0.7)
      adamantium (~> 0.2.0)
      concord (~> 0.1.5)
      diff-lcs (~> 1.2.5)
      equalizer (~> 0.0.9)
      parser (~> 2.2.2)
      procto (~> 0.0.2)
    viddl-rb (1.1.1)
      multi_json (~> 1.10.0)
      nokogiri (~> 1.6.0)
      progressbar (~> 0.21)
      rest-client
    yard (0.8.7.6)

PLATFORMS
  ruby

DEPENDENCIES
  MannsShared (~> 0.2, >= 0.2.0)
  bundler (~> 1.9, >= 1.9.6)
  coveralls (~> 0.8, >= 0.8.1)
  gem-release (~> 0.7, >= 0.7.4)
  indexer (~> 0.3, >= 0.3.1)
  mast (~> 1.4, >= 1.4.0)
  rake (~> 10.4, >= 10.4.2)
  rdoc (~> 4.2, >= 4.2.0)
  reek (~> 3.3, >= 3.3.1)
  rspec (~> 3.2, >= 3.2.0)
  rspec-core (~> 3.3, >= 3.3.2)
  rubocop (~> 0.33, >= 0.34.0)
  ruby-lint (~> 2.0, >= 2.0.4)
  simplecov (~> 0.10, >= 0.10.0)
  yard (~> 0.8, >= 0.8.7.6)
  youtube_dlhelper!

BUNDLED WITH
   1.10.6
