GEM
  remote: https://rubygems.org/
  specs:
    CFPropertyList (2.2.8)
    ZenTest (4.11.0)
    abstract_type (0.0.7)
    activesupport (4.2.5)
      i18n (~> 0.7)
      json (~> 1.7, >= 1.7.7)
      minitest (~> 5.1)
      thread_safe (~> 0.3, >= 0.3.4)
      tzinfo (~> 1.1)
    adamantium (0.2.0)
      ice_nine (~> 0.11.0)
      memoizable (~> 0.4.0)
    addressable (2.4.0)
    arr-pm (0.0.10)
      cabin (> 0)
    ast (2.1.0)
    astrolabe (1.3.1)
      parser (~> 2.2)
    axiom-types (0.1.1)
      descendants_tracker (~> 0.0.4)
      ice_nine (~> 0.11.0)
      thread_safe (~> 0.3, >= 0.3.1)
    backports (3.6.7)
    bundler-audit (0.4.0)
      bundler (~> 1.2)
      thor (~> 0.18)
    cabin (0.7.2)
    childprocess (0.5.8)
      ffi (~> 1.0, >= 1.0.11)
    clamp (0.6.5)
    climate_control (0.0.3)
      activesupport (>= 3.0)
    cocaine (0.5.8)
      climate_control (>= 0.0.3, < 1.0)
    codeclimate-engine-rb (0.1.0)
      virtus (~> 1.0)
    coercible (1.0.0)
      descendants_tracker (~> 0.0.1)
    concord (0.1.5)
      adamantium (~> 0.2.0)
      equalizer (~> 0.0.9)
    coveralls (0.8.10)
      json (~> 1.8)
      rest-client (>= 1.6.8, < 2)
      simplecov (~> 0.11.0)
      term-ansicolor (~> 1.3)
      thor (~> 0.19.1)
      tins (~> 1.6.0)
    descendants_tracker (0.0.4)
      thread_safe (~> 0.3, >= 0.3.1)
    diff-lcs (1.2.5)
    docile (1.1.5)
    domain_name (0.5.25)
      unf (>= 0.0.5, < 1.0.0)
    equalizer (0.0.11)
    facter (2.4.4)
      CFPropertyList (~> 2.2.6)
    ffi (1.9.10)
    fpm (1.4.0)
      arr-pm (~> 0.0.10)
      backports (>= 2.6.2)
      cabin (>= 0.6.0)
      childprocess
      clamp (~> 0.6)
      ffi
      json (>= 1.7.7)
    fpm-cookery (0.31.0)
      addressable
      facter
      fpm (~> 1.1)
      puppet (~> 3.4)
      systemu
    gem-release (0.7.4)
    hashr (0.0.22)
    hiera (1.3.4)
      json_pure
    highline (1.7.8)
    hoe (3.14.2)
      rake (>= 0.8, < 11.0)
    hoe-bundler (1.2.0)
      hoe (>= 2.2.0)
    hoe-deveiate (0.7.0)
      hoe (~> 3.13)
      hoe-highline (~> 0.2)
      hoe-mercurial (~> 1.4)
      mail (~> 2.6)
      rdoc (~> 4.2)
      rspec (~> 3.2)
    hoe-doofus (1.0.0)
    hoe-gemspec (1.0.0)
      hoe (>= 2.2.0)
    hoe-git (1.6.0)
    hoe-highline (0.2.1)
      highline (~> 1.6)
      hoe (~> 3.11)
    hoe-manns (1.4.3)
      bundler-audit (~> 0.4.0)
      indexer (~> 0.3)
      pandoc-ruby (~> 1.0.0)
      parseconfig (~> 1.0)
      rainbow (~> 2.0)
    hoe-mercurial (1.4.1)
      hoe (~> 3.9)
    hoe-packaging (1.1.1)
      bundler (~> 1.10)
      fpm (~> 1.4)
      fpm-cookery (~> 0.30)
    hoe-reek (1.1.1)
      bundler (~> 1.10)
      setup (~> 5.2)
    hoe-rubocop (1.0.3)
      bundler (~> 1.10)
      hoe (~> 3.14)
      rubocop (~> 0.35)
    hoe-rubygems (1.0.0)
    hoe-seattlerb (1.3.4)
    hoe-travis (1.2)
      hoe (~> 3.0)
      travis-lint (~> 1.2)
    hoe-version (1.2.0)
    hoe-yard (0.1.2)
      yard (>= 0.2.3.1)
    http-cookie (1.0.2)
      domain_name (~> 0.5)
    i18n (0.7.0)
    ice_nine (0.11.1)
    indexer (0.3.1)
    json (1.8.3)
    json_pure (1.8.3)
    mail (2.6.3)
      mime-types (>= 1.16, < 3)
    manns_shared (1.0.0)
      nokogiri (~> 1.6.6.2)
      setup (~> 5.2)
    memoizable (0.4.2)
      thread_safe (~> 0.3, >= 0.3.1)
    mime-types (2.99)
    mini_portile (0.6.2)
    minitest (5.8.3)
    netrc (0.11.0)
    nokogiri (1.6.6.4)
      mini_portile (~> 0.6.0)
    notifier (0.5.1)
    pandoc-ruby (1.0.0)
    parseconfig (1.0.6)
    parser (2.2.3.0)
      ast (>= 1.1, < 3.0)
    power_assert (0.2.6)
    powerpack (0.1.1)
    private_attr (1.1.0)
    procto (0.0.2)
    puppet (3.8.4)
      facter (> 1.6, < 3)
      hiera (~> 1.0)
      json_pure
    rainbow (2.0.0)
    rake (10.4.2)
    rdoc (4.2.0)
    reek (3.7.1)
      codeclimate-engine-rb (~> 0.1.0)
      parser (~> 2.2, >= 2.2.2.5)
      private_attr (~> 1.1)
      rainbow (~> 2.0)
      unparser (~> 0.2.2)
    rest-client (1.8.0)
      http-cookie (>= 1.0.2, < 2.0)
      mime-types (>= 1.16, < 3.0)
      netrc (~> 0.7)
    rspec (3.4.0)
      rspec-core (~> 3.4.0)
      rspec-expectations (~> 3.4.0)
      rspec-mocks (~> 3.4.0)
    rspec-core (3.4.1)
      rspec-support (~> 3.4.0)
    rspec-expectations (3.4.0)
      diff-lcs (>= 1.2.0, < 2.0)
      rspec-support (~> 3.4.0)
    rspec-mocks (3.4.0)
      diff-lcs (>= 1.2.0, < 2.0)
      rspec-support (~> 3.4.0)
    rspec-support (3.4.1)
    rubocop (0.35.1)
      astrolabe (~> 1.3)
      parser (>= 2.2.3.0, < 3.0)
      powerpack (~> 0.1)
      rainbow (>= 1.99.1, < 3.0)
      ruby-progressbar (~> 1.7)
      tins (<= 1.6.0)
    ruby-progressbar (1.7.5)
    rubytest (0.8.1)
    safe_yaml (0.9.7)
    setup (5.2.0)
    simplecov (0.11.1)
      docile (~> 1.1.0)
      json (~> 1.8)
      simplecov-html (~> 0.10.0)
    simplecov-html (0.10.0)
    streamio-ffmpeg (1.0.0)
    systemu (2.6.5)
    term-ansicolor (1.3.2)
      tins (~> 1.0)
    test (1.0.0)
      rubytest
    test-unit (3.1.5)
      power_assert
    thor (0.19.1)
    thread_safe (0.3.5)
    tins (1.6.0)
    travis-lint (1.8.0)
      hashr (~> 0.0.22)
      safe_yaml (~> 0.9.0)
    tzinfo (1.2.2)
      thread_safe (~> 0.1)
    unf (0.1.4)
      unf_ext
    unf_ext (0.0.7.1)
    unparser (0.2.4)
      abstract_type (~> 0.0.7)
      adamantium (~> 0.2.0)
      concord (~> 0.1.5)
      diff-lcs (~> 1.2.5)
      equalizer (~> 0.0.9)
      parser (~> 2.2.2)
      procto (~> 0.0.2)
    virtus (1.0.5)
      axiom-types (~> 0.1)
      coercible (~> 1.0)
      descendants_tracker (~> 0.0, >= 0.0.3)
      equalizer (~> 0.0, >= 0.0.9)
    yard (0.8.7.6)
    youtube-dl.rb (0.2.5.2015.12.10.1)
      cocaine (>= 0.5.4)

PLATFORMS
  ruby

DEPENDENCIES
  ZenTest (~> 4.11)
  addressable (~> 2.4.0)
  bundler (~> 1.10)
  bundler-audit (~> 0.4.0)
  coveralls (~> 0.8)
  gem-release (~> 0.7)
  highline (~> 1.7.8)
  hoe (~> 3.14)
  hoe-bundler (~> 1.2)
  hoe-deveiate (~> 0.7)
  hoe-doofus (~> 1.0)
  hoe-gemspec (~> 1.0)
  hoe-git (~> 1.6)
  hoe-highline (~> 0.2)
  hoe-manns (~> 1.4.3)
  hoe-packaging (~> 1.1.1)
  hoe-reek (~> 1.1)
  hoe-rubocop (~> 1.0.3)
  hoe-rubygems (~> 1.0)
  hoe-seattlerb (~> 1.3)
  hoe-travis (~> 1.2)
  hoe-version (~> 1.2)
  hoe-yard (>= 0.1.2)
  indexer (~> 0.3)
  manns_shared (~> 1.0.0)
  minitest (~> 5.8.1)
  notifier (~> 0.5.1)
  parseconfig (~> 1.0.6)
  rainbow (~> 2.0.0)
  rake (~> 10.0)
  reek (~> 3.7)
  rspec (~> 3.4)
  rubocop (~> 0.35)
  setup (~> 5.2)
  simplecov (~> 0.11)
  streamio-ffmpeg (~> 1.0.0)
  test (~> 1.0.0)
  test-unit (~> 3.1.4)
  youtube-dl.rb (~> 0.2.5.2015.12.10.1)

BUNDLED WITH
   1.10.6
